GIT
  remote: git://github.com/sinatra/sinatra.git
  revision: bf097d6dad76783b8983f76fa225c444db41e8a1
  specs:
    sinatra (1.3.1)
      rack (~> 1.3, >= 1.3.4)
      rack-protection (~> 1.1, >= 1.1.2)
      tilt (~> 1.3, >= 1.3.3)

GEM
  remote: http://rubygems.org/
  specs:
    rack (1.3.4)
    rack-protection (1.1.4)
      rack
    tilt (1.3.3)

PLATFORMS
  ruby

DEPENDENCIES
  sinatra!
